PATH
  remote: .
  specs:
    uw_cli (0.1.0)

GEM
  remote: https://rubygems.org/
  specs:
    httparty (0.18.0)
      mime-types (~> 3.0)
      multi_xml (>= 0.5.2)
    mime-types (3.3.1)
      mime-types-data (~> 3.2015)
    mime-types-data (3.2019.1009)
    multi_xml (0.6.0)
    rake (10.5.0)

PLATFORMS
  x64-mingw32

DEPENDENCIES
  bundler (~> 2.1.4)
  httparty (~> 0.18.0)
  rake (~> 10.0)
  uw_cli!

BUNDLED WITH
   2.1.4
