PATH
  remote: .
  specs:
    uw_cli (0.1.0)

GEM
  remote: https://rubygems.org/
  specs:
    httparty (0.21.0)
      mini_mime (>= 1.0.0)
      multi_xml (>= 0.5.2)
    mini_mime (1.1.2)
    multi_xml (0.6.0)
    rake (10.5.0)

PLATFORMS
  x64-mingw32
  x86_64-linux

DEPENDENCIES
  bundler (~> 2.1.4)
  httparty (~> 0.21.0)
  rake (~> 10.0)
  uw_cli!

BUNDLED WITH
   2.1.4
